GEM
  remote: https://rubygems.org/
  specs:
    active_support (3.0.0)
      activesupport (= 3.0.0)
    activesupport (3.0.0)
    grooveshark (0.2.10)
      json (>= 1.4.6)
      rest-client (>= 1.5.1)
      uuid (~> 2.0)
    i18n (0.6.4)
    json (1.8.1)
    macaddr (1.6.1)
      systemu (~> 2.5.0)
    mime-types (1.25)
    rest-client (1.6.7)
      mime-types (>= 1.16)
    systemu (2.5.2)
    uuid (2.3.7)
      macaddr (~> 1.0)

PLATFORMS
  ruby

DEPENDENCIES
  active_support
  grooveshark
  i18n
